PATH
  remote: .
  specs:
    ideal (0.2.0)
      builder
      nap

GEM
  remote: http://rubygems.org/
  specs:
    builder (3.0.0)
    metaclass (0.0.1)
    mocha (0.10.0)
      metaclass (~> 0.0.1)
    nap (0.4)
    rake (0.9.2.2)

PLATFORMS
  ruby

DEPENDENCIES
  ideal!
  mocha
  rake
