PATH
  remote: .
  specs:
    ideal (0.2.0)
      activesupport
      builder

GEM
  remote: http://rubygems.org/
  specs:
    activesupport (3.1.3)
      multi_json (~> 1.0)
    builder (3.0.0)
    metaclass (0.0.1)
    mocha (0.10.0)
      metaclass (~> 0.0.1)
    multi_json (1.0.4)
    rake (0.9.2.2)

PLATFORMS
  ruby

DEPENDENCIES
  ideal!
  mocha
  rake
